GEM
  remote: http://rubygems.org/
  specs:
    addressable (2.3.8)
    dotenv (2.0.2)
    dragonfly (1.0.12)
      addressable (~> 2.3)
      multi_json (~> 1.0)
      rack (>= 1.3.0)
    foreman (0.78.0)
      thor (~> 0.19.1)
    multi_json (1.11.2)
    puma (2.15.3)
    rack (1.6.4)
    rack-protection (1.5.3)
      rack
    sinatra (1.4.6)
      rack (~> 1.4)
      rack-protection (~> 1.4)
      tilt (>= 1.3, < 3)
    thor (0.19.1)
    tilt (2.0.1)

PLATFORMS
  ruby

DEPENDENCIES
  dotenv
  dragonfly
  foreman
  puma
  sinatra

BUNDLED WITH
   1.10.6
