GEM
  remote: http://rubygems.org/
  specs:
    addressable (2.3.8)
    dotenv (1.0.2)
    dragonfly (1.0.7)
      addressable (~> 2.3)
      multi_json (~> 1.0)
      rack
    foreman (0.78.0)
      thor (~> 0.19.1)
    multi_json (1.11.0)
    puma (2.11.1)
      rack (>= 1.1, < 2.0)
    rack (1.6.0)
    rack-protection (1.5.3)
      rack
    sinatra (1.4.6)
      rack (~> 1.4)
      rack-protection (~> 1.4)
      tilt (>= 1.3, < 3)
    thor (0.19.1)
    tilt (2.0.1)

PLATFORMS
  ruby

DEPENDENCIES
  dotenv
  dragonfly
  foreman
  puma
  sinatra
